GIT
  remote: https://github.com/flaminestone/palladium.git
  revision: 24f41fe0eff3db3847b13c6453457f36ceeb29d7
  specs:
    palladium (0.3.1)

GEM
  remote: http://rubygems.org/
  specs:
    bcrypt (3.1.11)
    diff-lcs (1.3)
    jwt (2.1.0)
    mustermann (1.0.2)
    pg (1.0.0)
    puma (3.11.2)
    rack (2.0.4)
    rack-protection (2.0.1)
      rack
    rspec (3.7.0)
      rspec-core (~> 3.7.0)
      rspec-expectations (~> 3.7.0)
      rspec-mocks (~> 3.7.0)
    rspec-core (3.7.1)
      rspec-support (~> 3.7.0)
    rspec-expectations (3.7.0)
      diff-lcs (>= 1.2.0, < 2.0)
      rspec-support (~> 3.7.0)
    rspec-mocks (3.7.0)
      diff-lcs (>= 1.2.0, < 2.0)
      rspec-support (~> 3.7.0)
    rspec-support (3.7.1)
    sequel (5.6.0)
    sinatra (2.0.1)
      mustermann (~> 1.0)
      rack (~> 2.0)
      rack-protection (= 2.0.1)
      tilt (~> 2.0)
    sinatra-cross_origin (0.4.0)
    tilt (2.0.8)

PLATFORMS
  ruby

DEPENDENCIES
  bcrypt
  jwt
  palladium!
  pg
  puma
  rspec
  sequel
  sinatra
  sinatra-cross_origin

BUNDLED WITH
   1.16.1
