GIT
  remote: https://github.com/flaminestone/palladium.git
  revision: cf36ed451f0d525f9053aed681f4f3e6831c59f2
  specs:
    palladium (0.3.4)

GEM
  remote: https://rubygems.org/
  specs:
    bcrypt (3.1.12)
    concurrent-ruby (1.1.5)
    diff-lcs (1.3)
    faker (1.9.3)
      i18n (>= 0.7)
    i18n (1.6.0)
      concurrent-ruby (~> 1.0)
    jwt (2.1.0)
    mustermann (1.0.3)
    pg (1.1.4)
    puma (3.12.3)
    rack (2.0.7)
    rack-protection (2.0.5)
      rack
    rspec (3.8.0)
      rspec-core (~> 3.8.0)
      rspec-expectations (~> 3.8.0)
      rspec-mocks (~> 3.8.0)
    rspec-core (3.8.0)
      rspec-support (~> 3.8.0)
    rspec-expectations (3.8.3)
      diff-lcs (>= 1.2.0, < 2.0)
      rspec-support (~> 3.8.0)
    rspec-mocks (3.8.0)
      diff-lcs (>= 1.2.0, < 2.0)
      rspec-support (~> 3.8.0)
    rspec-support (3.8.0)
    sequel (5.19.0)
    sinatra (2.0.5)
      mustermann (~> 1.0)
      rack (~> 2.0)
      rack-protection (= 2.0.5)
      tilt (~> 2.0)
    sinatra-cross_origin (0.4.0)
    tilt (2.0.9)

PLATFORMS
  ruby

DEPENDENCIES
  bcrypt
  faker
  jwt
  palladium!
  pg
  puma
  rspec
  sequel
  sinatra
  sinatra-cross_origin

BUNDLED WITH
   2.0.1
