GIT
  remote: https://github.com/flaminestone/palladium-ruby.git
  revision: eb2638e0f154f4cf212451d0216a42ee4e90feef
  specs:
    palladium-ruby (0.0.1)

GEM
  remote: http://rubygems.org/
  specs:
    ast (2.3.0)
    diff-lcs (1.3)
    jwt (1.5.6)
    parallel (1.11.2)
    parser (2.4.0.0)
      ast (~> 2.2)
    pg (0.21.0)
    powerpack (0.1.1)
    puma (3.9.1)
    rack (1.6.8)
    rack-protection (1.5.3)
      rack
    rainbow (2.2.2)
      rake
    rake (12.0.0)
    rspec (3.6.0)
      rspec-core (~> 3.6.0)
      rspec-expectations (~> 3.6.0)
      rspec-mocks (~> 3.6.0)
    rspec-core (3.6.0)
      rspec-support (~> 3.6.0)
    rspec-expectations (3.6.0)
      diff-lcs (>= 1.2.0, < 2.0)
      rspec-support (~> 3.6.0)
    rspec-mocks (3.6.0)
      diff-lcs (>= 1.2.0, < 2.0)
      rspec-support (~> 3.6.0)
    rspec-support (3.6.0)
    rubocop (0.49.1)
      parallel (~> 1.10)
      parser (>= 2.3.3.1, < 3.0)
      powerpack (~> 0.1)
      rainbow (>= 1.99.1, < 3.0)
      ruby-progressbar (~> 1.7)
      unicode-display_width (~> 1.0, >= 1.0.1)
    ruby-progressbar (1.8.1)
    sequel (4.48.0)
    sinatra (1.4.8)
      rack (~> 1.5)
      rack-protection (~> 1.4)
      tilt (>= 1.3, < 3)
    sinatra-cross_origin (0.4.0)
    tilt (2.0.7)
    unicode-display_width (1.3.0)

PLATFORMS
  ruby

DEPENDENCIES
  jwt
  palladium-ruby!
  pg
  puma
  rspec
  rubocop
  sequel
  sinatra
  sinatra-cross_origin

BUNDLED WITH
   1.15.2
