GIT
  remote: https://github.com/flaminestone/palladium.git
  revision: cf36ed451f0d525f9053aed681f4f3e6831c59f2
  specs:
    palladium (0.3.4)

GEM
  remote: https://rubygems.org/
  specs:
    bcrypt (3.1.13)
    concurrent-ruby (1.1.5)
    diff-lcs (1.3)
    faker (2.8.0)
      i18n (>= 1.6, < 1.8)
    i18n (1.7.0)
      concurrent-ruby (~> 1.0)
    jwt (2.2.1)
    mustermann (1.0.3)
    nio4r (2.5.2)
    pg (1.1.4)
    puma (4.3.0)
      nio4r (~> 2.0)
    rack (2.0.7)
    rack-protection (2.0.7)
      rack
    rspec (3.9.0)
      rspec-core (~> 3.9.0)
      rspec-expectations (~> 3.9.0)
      rspec-mocks (~> 3.9.0)
    rspec-core (3.9.0)
      rspec-support (~> 3.9.0)
    rspec-expectations (3.9.0)
      diff-lcs (>= 1.2.0, < 2.0)
      rspec-support (~> 3.9.0)
    rspec-mocks (3.9.0)
      diff-lcs (>= 1.2.0, < 2.0)
      rspec-support (~> 3.9.0)
    rspec-support (3.9.0)
    sequel (5.27.0)
    sinatra (2.0.7)
      mustermann (~> 1.0)
      rack (~> 2.0)
      rack-protection (= 2.0.7)
      tilt (~> 2.0)
    sinatra-cross_origin (0.4.0)
    tilt (2.0.10)

PLATFORMS
  ruby

DEPENDENCIES
  bcrypt
  faker
  jwt
  palladium!
  pg
  puma
  rspec
  sequel
  sinatra
  sinatra-cross_origin

BUNDLED WITH
   1.17.2
