GIT
  remote: https://github.com/flaminestone/palladium.git
  revision: 48e301114606137ff21e4a39cbb4274c58c9acf8
  specs:
    palladium (0.3.3)

GEM
  remote: https://rubygems.org/
  specs:
    bcrypt (3.1.12)
    diff-lcs (1.3)
    jwt (2.1.0)
    mustermann (1.0.3)
    pg (1.1.3)
    puma (3.12.0)
    rack (2.0.6)
    rack-protection (2.0.4)
      rack
    rspec (3.8.0)
      rspec-core (~> 3.8.0)
      rspec-expectations (~> 3.8.0)
      rspec-mocks (~> 3.8.0)
    rspec-core (3.8.0)
      rspec-support (~> 3.8.0)
    rspec-expectations (3.8.2)
      diff-lcs (>= 1.2.0, < 2.0)
      rspec-support (~> 3.8.0)
    rspec-mocks (3.8.0)
      diff-lcs (>= 1.2.0, < 2.0)
      rspec-support (~> 3.8.0)
    rspec-support (3.8.0)
    sequel (5.14.0)
    sinatra (2.0.4)
      mustermann (~> 1.0)
      rack (~> 2.0)
      rack-protection (= 2.0.4)
      tilt (~> 2.0)
    sinatra-cross_origin (0.4.0)
    tilt (2.0.8)

PLATFORMS
  ruby

DEPENDENCIES
  bcrypt
  jwt
  palladium!
  pg
  puma
  rspec
  sequel
  sinatra
  sinatra-cross_origin

BUNDLED WITH
   1.16.3
